GEM
  remote: https://rubygems.org/
  specs:
    auto_reloader (0.4.1)
    coderay (1.1.2)
    erubi (1.8.0)
    method_source (0.9.2)
    mustermann (1.0.3)
    pry (0.12.2)
      coderay (~> 1.1.0)
      method_source (~> 0.9.0)
    rack (2.2.3)
    rack-protection (2.0.5)
      rack
    sinatra (2.0.5)
      mustermann (~> 1.0)
      rack (~> 2.0)
      rack-protection (= 2.0.5)
      tilt (~> 2.0)
    tilt (2.0.9)

PLATFORMS
  ruby

DEPENDENCIES
  auto_reloader (~> 0.4)
  erubi (~> 1.7)
  pry
  sinatra (~> 2.0)

BUNDLED WITH
   1.13.7
