GEM
  remote: https://rubygems.org/
  specs:
    auto_reloader (0.4.1)
    base64 (0.3.0)
    coderay (1.1.2)
    erubi (1.8.0)
    logger (1.7.0)
    method_source (0.9.2)
    mustermann (3.0.4)
      ruby2_keywords (~> 0.0.1)
    pry (0.12.2)
      coderay (~> 1.1.0)
      method_source (~> 0.9.0)
    rack (3.2.2)
    rack-protection (4.1.0)
      base64 (>= 0.1.0)
      logger (>= 1.6.0)
      rack (>= 3.0.0, < 4)
    rack-session (2.1.1)
      base64 (>= 0.1.0)
      rack (>= 3.0.0)
    ruby2_keywords (0.0.5)
    sinatra (4.1.0)
      logger (>= 1.6.0)
      mustermann (~> 3.0)
      rack (>= 3.0.0, < 4)
      rack-protection (= 4.1.0)
      rack-session (>= 2.0.0, < 3)
      tilt (~> 2.0)
    tilt (2.6.1)

PLATFORMS
  ruby

DEPENDENCIES
  auto_reloader (~> 0.4)
  erubi (~> 1.7)
  pry
  sinatra (~> 4.1)

BUNDLED WITH
   2.1.4
